GEM
  specs:
    mime-types (3.1)
      mime-types-data (~> 3.2015)
    mime-types-data (3.2016.0521)

PLATFORMS
  ruby

DEPENDENCIES
  mime-types

BUNDLED WITH
   1.12.3
